GEM
  remote: https://rubygems.org/
  specs:
    openssl-oaep (0.1.0)
    ruby-culqi (1.0.2)
    webrick (1.4.4)

PLATFORMS
  x86_64-darwin-22
  x86_64-darwin-23

DEPENDENCIES
  openssl-oaep (= 0.1.0)
  ruby-culqi
  webrick (= 1.4.4)

BUNDLED WITH
   2.4.17
